GEM
  remote: https://rubygems.org/
  specs:
    aws-sdk (2.2.14)
      aws-sdk-resources (= 2.2.14)
    aws-sdk-core (2.2.14)
      jmespath (~> 1.0)
    aws-sdk-resources (2.2.14)
      aws-sdk-core (= 2.2.14)
    clipboard (1.0.6)
    dotenv (2.1.0)
    jmespath (1.1.3)
    rb-fsevent (0.9.7)
    terminal-notifier (1.6.3)

PLATFORMS
  ruby

DEPENDENCIES
  aws-sdk (~> 2)
  clipboard
  dotenv
  rb-fsevent
  terminal-notifier

BUNDLED WITH
   1.11.2
